GEM
  remote: https://rubygems.org/
  specs:
    ffi (1.9.10-x86-mingw32)
    kitchen-vagrant (0.19.0)
      test-kitchen (~> 1.4)
    mixlib-install (0.7.1)
    mixlib-shellout (2.2.6-universal-mingw32)
      win32-process (~> 0.8.2)
      wmi-lite (~> 1.0)
    net-scp (1.2.1)
      net-ssh (>= 2.6.5)
    net-ssh (3.1.1)
    safe_yaml (1.0.4)
    test-kitchen (1.6.0)
      mixlib-install (~> 0.7)
      mixlib-shellout (>= 1.2, < 3.0)
      net-scp (~> 1.1)
      net-ssh (>= 2.9, < 4.0)
      safe_yaml (~> 1.0)
      thor (~> 0.18)
    thor (0.19.1)
    win32-process (0.8.3)
      ffi (>= 1.0.0)
    wmi-lite (1.0.0)

PLATFORMS
  x86-mingw32

DEPENDENCIES
  kitchen-vagrant
  test-kitchen

BUNDLED WITH
   1.10.6
